GIT
  remote: git://github.com/stympy/faker.git
  revision: be8fc6741bbcec08782208ec7068e889cc16e7e6
  branch: master
  specs:
    faker (1.8.4)
      i18n (~> 0.5)

GEM
  remote: https://rubygems.org/
  specs:
    concurrent-ruby (1.0.5)
    i18n (0.9.1)
      concurrent-ruby (~> 1.0)

PLATFORMS
  ruby

DEPENDENCIES
  faker!

BUNDLED WITH
   1.15.3
